GEM
  remote: https://rubygems.org/
  specs:
    coderay (1.1.1)
    daemons (1.2.3)
    deckrb (0.5.2)
      coderay
      erector (>= 0.9.0)
      json
      nokogiri
      rack (>= 1.4.1)
      rack-codehighlighter
      redcarpet (~> 2)
      thin
      trollop
    diff-lcs (1.2.5)
    erector (0.10.0)
      treetop (>= 1.2.3)
    eventmachine (1.2.0.1)
    json (1.8.3)
    mini_portile2 (2.1.0)
    nokogiri (1.6.8)
      mini_portile2 (~> 2.1.0)
      pkg-config (~> 1.1.7)
    pkg-config (1.1.7)
    polyglot (0.3.5)
    rack (1.6.4)
    rack-codehighlighter (0.5.1)
      nokogiri (>= 1.4.1)
      rack (>= 1.0.0)
    redcarpet (2.3.0)
    rspec (3.4.0)
      rspec-core (~> 3.4.0)
      rspec-expectations (~> 3.4.0)
      rspec-mocks (~> 3.4.0)
    rspec-core (3.4.4)
      rspec-support (~> 3.4.0)
    rspec-expectations (3.4.0)
      diff-lcs (>= 1.2.0, < 2.0)
      rspec-support (~> 3.4.0)
    rspec-mocks (3.4.1)
      diff-lcs (>= 1.2.0, < 2.0)
      rspec-support (~> 3.4.0)
    rspec-support (3.4.1)
    thin (1.7.0)
      daemons (~> 1.0, >= 1.0.9)
      eventmachine (~> 1.0, >= 1.0.4)
      rack (>= 1, < 3)
    treetop (1.6.5)
      polyglot (~> 0.3)
    trollop (2.1.2)

PLATFORMS
  ruby

DEPENDENCIES
  deckrb
  rspec
